PATH
  remote: .
  specs:
    loco-rb (0.1.2)
      faraday (~> 2.6)

GEM
  remote: https://rubygems.org/
  specs:
    addressable (2.8.0)
      public_suffix (>= 2.0.2, < 5.0)
    crack (0.4.5)
      rexml
    diff-lcs (1.5.0)
    faraday (2.6.0)
      faraday-net_http (>= 2.0, < 3.1)
      ruby2_keywords (>= 0.0.4)
    faraday-net_http (3.0.1)
    hashdiff (1.0.1)
    public_suffix (4.0.7)
    rake (12.3.3)
    rexml (3.2.5)
    rspec (3.11.0)
      rspec-core (~> 3.11.0)
      rspec-expectations (~> 3.11.0)
      rspec-mocks (~> 3.11.0)
    rspec-core (3.11.0)
      rspec-support (~> 3.11.0)
    rspec-expectations (3.11.0)
      diff-lcs (>= 1.2.0, < 2.0)
      rspec-support (~> 3.11.0)
    rspec-mocks (3.11.1)
      diff-lcs (>= 1.2.0, < 2.0)
      rspec-support (~> 3.11.0)
    rspec-support (3.11.0)
    ruby2_keywords (0.0.5)
    webmock (3.14.0)
      addressable (>= 2.8.0)
      crack (>= 0.3.2)
      hashdiff (>= 0.4.0, < 2.0.0)

PLATFORMS
  universal-darwin-21

DEPENDENCIES
  faraday (~> 2.6)
  loco-rb!
  rake (~> 12.0)
  rspec (~> 3.5)
  webmock (~> 3.14)

BUNDLED WITH
   2.3.6
